PATH
  remote: .
  specs:
    take2 (0.0.5)

GEM
  remote: http://rubygems.org/
  specs:
    ast (2.4.0)
    coderay (1.1.2)
    diff-lcs (1.3)
    jaro_winkler (1.5.2)
    method_source (0.8.2)
    parallel (1.12.1)
    parser (2.5.3.0)
      ast (~> 2.4.0)
    powerpack (0.1.2)
    pry (0.10.4)
      coderay (~> 1.1.0)
      method_source (~> 0.8.1)
      slop (~> 3.4)
    pry-nav (0.2.4)
      pry (>= 0.9.10, < 0.11.0)
    rainbow (3.0.0)
    rake (12.3.1)
    rspec (3.8.0)
      rspec-core (~> 3.8.0)
      rspec-expectations (~> 3.8.0)
      rspec-mocks (~> 3.8.0)
    rspec-core (3.8.0)
      rspec-support (~> 3.8.0)
    rspec-expectations (3.8.1)
      diff-lcs (>= 1.2.0, < 2.0)
      rspec-support (~> 3.8.0)
    rspec-mocks (3.8.0)
      diff-lcs (>= 1.2.0, < 2.0)
      rspec-support (~> 3.8.0)
    rspec-support (3.8.0)
    rubocop (0.62.0)
      jaro_winkler (~> 1.5.1)
      parallel (~> 1.10)
      parser (>= 2.5, != 2.5.1.1)
      powerpack (~> 0.1)
      rainbow (>= 2.2.2, < 4.0)
      ruby-progressbar (~> 1.7)
      unicode-display_width (~> 1.4.0)
    ruby-progressbar (1.10.0)
    slop (3.6.0)
    unicode-display_width (1.4.1)

PLATFORMS
  ruby

DEPENDENCIES
  pry
  pry-nav
  rake
  rspec (= 3.8.0)
  rubocop
  take2!

BUNDLED WITH
   1.16.6
